GEM
  remote: https://rubygems.org/
  specs:
    minitest (5.18.0)

PLATFORMS
  x64-mingw32

DEPENDENCIES
  minitest

BUNDLED WITH
   2.4.9
